GEM
  remote: https://rubygems.org/
  specs:
    actionmailer (4.2.0)
      actionpack (= 4.2.0)
      actionview (= 4.2.0)
      activejob (= 4.2.0)
      mail (~> 2.5, >= 2.5.4)
      rails-dom-testing (~> 1.0, >= 1.0.5)
    actionpack (4.2.0)
      actionview (= 4.2.0)
      activesupport (= 4.2.0)
      rack (~> 1.6.0)
      rack-test (~> 0.6.2)
      rails-dom-testing (~> 1.0, >= 1.0.5)
      rails-html-sanitizer (~> 1.0, >= 1.0.1)
    actionpack-action_caching (1.2.0)
      actionpack (>= 4.0.0, < 6)
    actionpack-page_caching (1.1.0)
      actionpack (>= 4.0.0, < 6)
    actionview (4.2.0)
      activesupport (= 4.2.0)
      builder (~> 3.1)
      erubis (~> 2.7.0)
      rails-dom-testing (~> 1.0, >= 1.0.5)
      rails-html-sanitizer (~> 1.0, >= 1.0.1)
    activejob (4.2.0)
      activesupport (= 4.2.0)
      globalid (>= 0.3.0)
    activemodel (4.2.0)
      activesupport (= 4.2.0)
      builder (~> 3.1)
    activerecord (4.2.0)
      activemodel (= 4.2.0)
      activesupport (= 4.2.0)
      arel (~> 6.0)
    activesupport (4.2.0)
      i18n (~> 0.7)
      json (~> 1.7, >= 1.7.7)
      minitest (~> 5.1)
      thread_safe (~> 0.3, >= 0.3.4)
      tzinfo (~> 1.1)
    addressable (2.5.2)
      public_suffix (>= 2.0.2, < 4.0)
    arel (6.0.4)
    barby (0.6.5)
    bootstrap-sass (3.3.0.0)
      sass (~> 3.2)
    bson (4.3.0)
    bson_ext (1.5.1)
    builder (3.2.3)
    chunky_png (1.3.10)
    coffee-rails (4.2.2)
      coffee-script (>= 2.2.0)
      railties (>= 4.0.0)
    coffee-script (2.4.1)
      coffee-script-source
      execjs
    coffee-script-source (1.12.2)
    concurrent-ruby (1.0.5)
    crass (1.0.4)
    creek (2.2)
      http (~> 3.0.0)
      nokogiri (>= 1.7.0)
      rubyzip (>= 1.0.0)
    daemons (1.2.6)
    domain_name (0.5.20180417)
      unf (>= 0.0.5, < 1.0.0)
    el_finder (1.1.13)
      image_size (>= 1.0.0)
    erubis (2.7.0)
    et-orbi (1.1.2)
      tzinfo
    eventmachine (1.2.7)
    execjs (2.7.0)
    ffi (1.9.25)
    font-awesome-rails (4.3.0.0)
      railties (>= 3.2, < 5.0)
    fugit (1.1.3)
      et-orbi (~> 1.1, >= 1.1.1)
      raabro (~> 1.1)
    globalid (0.4.1)
      activesupport (>= 4.2.0)
    http (3.0.0)
      addressable (~> 2.3)
      http-cookie (~> 1.0)
      http-form_data (>= 2.0.0.pre.pre2, < 3)
      http_parser.rb (~> 0.6.0)
    http-cookie (1.0.3)
      domain_name (~> 0.5)
    http-form_data (2.1.1)
    http_parser.rb (0.6.0)
    i18n (0.9.5)
      concurrent-ruby (~> 1.0)
    image_size (2.0.0)
    jquery-rails (3.0.4)
      railties (>= 3.0, < 5.0)
      thor (>= 0.14, < 2.0)
    jquery-ui-rails (6.0.1)
      railties (>= 3.2.16)
    json (1.8.6)
    kgio (2.11.2)
    libv8 (3.16.14.19)
    listen (3.1.5)
      rb-fsevent (~> 0.9, >= 0.9.4)
      rb-inotify (~> 0.9, >= 0.9.7)
      ruby_dep (~> 1.2)
    loofah (2.2.2)
      crass (~> 1.0.2)
      nokogiri (>= 1.5.9)
    mail (2.7.0)
      mini_mime (>= 0.1.1)
    mime-types (3.1)
      mime-types-data (~> 3.2015)
    mime-types-data (3.2016.0521)
    mini_mime (1.0.0)
    mini_portile2 (2.3.0)
    minitest (5.11.3)
    mongo (2.5.3)
      bson (>= 4.3.0, < 5.0.0)
    mongoid (5.4.0)
      activemodel (~> 4.0)
      mongo (>= 2.5.1, < 3.0.0)
      origin (~> 2.3)
      tzinfo (>= 0.3.37)
    mono_logger (1.1.0)
    multi_json (1.13.1)
    mysql2 (0.3.21)
    netrc (0.11.0)
    nokogiri (1.8.3)
      mini_portile2 (~> 2.3.0)
    origin (2.3.1)
    parallel (1.12.1)
    pdf-core (0.7.0)
    pdfkit (0.8.2)
    prawn (2.2.2)
      pdf-core (~> 0.7.0)
      ttfunk (~> 1.5)
    protected_attributes (1.1.4)
      activemodel (>= 4.0.1, < 5.0)
    public_suffix (3.0.2)
    puma (3.11.4)
    raabro (1.1.6)
    rack (1.6.12)
    rack-gridfs (0.3.0)
      mongo (>= 0.20.1)
      rack
    rack-protection (1.5.5)
      rack
    rack-test (0.6.3)
      rack (>= 1.0)
    rails (4.2.0)
      actionmailer (= 4.2.0)
      actionpack (= 4.2.0)
      actionview (= 4.2.0)
      activejob (= 4.2.0)
      activemodel (= 4.2.0)
      activerecord (= 4.2.0)
      activesupport (= 4.2.0)
      bundler (>= 1.3.0, < 2.0)
      railties (= 4.2.0)
      sprockets-rails
    rails-deprecated_sanitizer (1.0.3)
      activesupport (>= 4.2.0.alpha)
    rails-dom-testing (1.0.9)
      activesupport (>= 4.2.0, < 5.0)
      nokogiri (~> 1.6)
      rails-deprecated_sanitizer (>= 1.0.1)
    rails-html-sanitizer (1.0.4)
      loofah (~> 2.2, >= 2.2.2)
    rails-observers (0.1.5)
      activemodel (>= 4.0)
    rails_exception_handler (2.4.1)
    railties (4.2.0)
      actionpack (= 4.2.0)
      activesupport (= 4.2.0)
      rake (>= 0.8.7)
      thor (>= 0.18.1, < 2.0)
    raindrops (0.19.0)
    rake (12.3.1)
    rb-fsevent (0.10.3)
    rb-inotify (0.9.10)
      ffi (>= 0.5.0, < 2)
    redis (3.3.5)
    redis-actionpack (5.0.2)
      actionpack (>= 4.0, < 6)
      redis-rack (>= 1, < 3)
      redis-store (>= 1.1.0, < 2)
    redis-activesupport (5.0.5)
      activesupport (>= 3, < 6)
      redis-store (>= 1.3, < 2)
    redis-namespace (1.6.0)
      redis (>= 3.0.4)
    redis-rack (2.0.4)
      rack (>= 1.5, < 3)
      redis-store (>= 1.2, < 2)
    redis-rails (5.0.2)
      redis-actionpack (>= 5.0, < 6)
      redis-activesupport (>= 5.0, < 6)
      redis-store (>= 1.2, < 2)
    redis-store (1.5.0)
      redis (>= 2.2, < 5)
    ref (2.0.0)
    rerun (0.11.0)
      listen (~> 3.0)
    resque (1.27.4)
      mono_logger (~> 1.0)
      multi_json (~> 1.0)
      redis-namespace (~> 1.3)
      sinatra (>= 0.9.2)
      vegas (~> 0.1.2)
    resque-scheduler (4.3.1)
      mono_logger (~> 1.0)
      redis (>= 3.3, < 5)
      resque (~> 1.26)
      rufus-scheduler (~> 3.2)
    rest-client (2.0.2)
      http-cookie (>= 1.0.2, < 2.0)
      mime-types (>= 1.16, < 4.0)
      netrc (~> 0.8)
    rest-graph (2.0.3)
    rqrcode (0.10.1)
      chunky_png (~> 1.0)
    ruby_dep (1.5.0)
    rubyzip (1.2.1)
    rufus-scheduler (3.5.0)
      fugit (~> 1.1, >= 1.1.1)
    sass (3.5.6)
      sass-listen (~> 4.0.0)
    sass-listen (4.0.0)
      rb-fsevent (~> 0.9, >= 0.9.4)
      rb-inotify (~> 0.9, >= 0.9.7)
    sass-rails (5.0.7)
      railties (>= 4.0.0, < 6)
      sass (~> 3.1)
      sprockets (>= 2.8, < 4.0)
      sprockets-rails (>= 2.0, < 4.0)
      tilt (>= 1.1, < 3)
    sinatra (1.4.8)
      rack (~> 1.5)
      rack-protection (~> 1.4)
      tilt (>= 1.3, < 3)
    sprockets (3.7.2)
      concurrent-ruby (~> 1.0)
      rack (> 1, < 3)
    sprockets-rails (3.2.1)
      actionpack (>= 4.0)
      activesupport (>= 4.0)
      sprockets (>= 3.0.0)
    therubyracer (0.12.3)
      libv8 (~> 3.16.14.15)
      ref
    thin (1.7.2)
      daemons (~> 1.0, >= 1.0.9)
      eventmachine (~> 1.0, >= 1.0.4)
      rack (>= 1, < 3)
    thor (0.20.0)
    thread_safe (0.3.6)
    tilt (2.0.8)
    time_diff (0.3.0)
      activesupport
      i18n
    ttfunk (1.5.1)
    tzinfo (1.2.5)
      thread_safe (~> 0.1)
    uglifier (4.1.12)
      execjs (>= 0.3.0, < 3)
    unf (0.1.4)
      unf_ext
    unf_ext (0.0.7.5)
    unicorn (5.4.0)
      kgio (~> 2.6)
      raindrops (~> 0.7)
    utf8-cleaner (0.2.5)
      activesupport
    vegas (0.1.11)
      rack (>= 1.0.0)
    wkhtmltopdf-binary (0.12.4)
    xmpp4r (0.5.6)

PLATFORMS
  ruby

DEPENDENCIES
  actionpack-action_caching
  actionpack-page_caching
  barby
  bootstrap-sass (= 3.3.0.0)
  bson_ext
  chunky_png
  coffee-rails
  creek
  el_finder
  eventmachine
  execjs
  font-awesome-rails (= 4.3.0.0)
  jquery-rails (~> 3.0.1)
  jquery-ui-rails
  mongo
  mongoid
  mysql2 (~> 0.3.20)
  nokogiri
  parallel
  pdfkit
  prawn
  protected_attributes
  puma
  rack-gridfs
  rails (= 4.2.0)
  rails-observers
  rails_exception_handler
  redis (~> 3.3)
  redis-rails
  rerun
  resque
  resque-scheduler
  rest-client
  rest-graph
  rqrcode
  sass-rails
  therubyracer
  thin
  time_diff
  uglifier
  unicorn
  utf8-cleaner
  wkhtmltopdf-binary
  xmpp4r

BUNDLED WITH
   1.15.4
